GIT
  remote: git://github.com/schneems/omniauth.git
  revision: 3c4b79504eb58df076c2c0d06a16ff3294f28184
  branch: schneems/hashie-breakup
  specs:
    omniauth (1.2.2)
      rack (~> 1.0)

GIT
  remote: git://github.com/schneems/puma_auto_tune.git
  revision: 05122df2429c02448908e0266254eeef5d0e6b9c
  specs:
    puma_auto_tune (0.0.2)
      get_process_mem (~> 0.1)
      puma (~> 2.7)

GEM
  remote: https://rubygems.org/
  specs:
    actionmailer (4.2.0.beta2)
      actionpack (= 4.2.0.beta2)
      actionview (= 4.2.0.beta2)
      activejob (= 4.2.0.beta2)
      mail (~> 2.5, >= 2.5.4)
      rails-dom-testing (~> 1.0, >= 1.0.3)
    actionpack (4.2.0.beta2)
      actionview (= 4.2.0.beta2)
      activesupport (= 4.2.0.beta2)
      rack (~> 1.6.0.beta)
      rack-test (~> 0.6.2)
      rails-dom-testing (~> 1.0, >= 1.0.3)
      rails-html-sanitizer (~> 1.0, >= 1.0.1)
    actionview (4.2.0.beta2)
      activesupport (= 4.2.0.beta2)
      builder (~> 3.1)
      erubis (~> 2.7.0)
      rails-dom-testing (~> 1.0, >= 1.0.3)
      rails-html-sanitizer (~> 1.0, >= 1.0.1)
    activejob (4.2.0.beta2)
      activesupport (= 4.2.0.beta2)
      globalid (>= 0.3.0)
    activemodel (4.2.0.beta2)
      activesupport (= 4.2.0.beta2)
      builder (~> 3.1)
    activerecord (4.2.0.beta2)
      activemodel (= 4.2.0.beta2)
      activesupport (= 4.2.0.beta2)
      arel (>= 6.0.0.beta1, < 6.1)
    activesupport (4.2.0.beta2)
      i18n (>= 0.7.0.beta1, < 0.8)
      json (~> 1.7, >= 1.7.7)
      minitest (~> 5.1)
      thread_safe (~> 0.1)
      tzinfo (~> 1.1)
    addressable (2.3.6)
    arel (6.0.0.beta1)
    bcrypt (3.1.7)
    bluecloth (2.2.0)
    builder (3.2.2)
    capybara (2.3.0)
      mime-types (>= 1.16)
      nokogiri (>= 1.3.3)
      rack (>= 1.0.0)
      rack-test (>= 0.5.4)
      xpath (~> 2.0)
    coffee-rails (4.0.1)
      coffee-script (>= 2.2.0)
      railties (>= 4.0.0, < 5.0)
    coffee-script (2.3.0)
      coffee-script-source
      execjs
    coffee-script-source (1.8.0)
    commonjs (0.2.7)
    crack (0.4.2)
      safe_yaml (~> 1.0.0)
    dalli (2.7.2)
    devise (3.3.0)
      bcrypt (~> 3.0)
      orm_adapter (~> 0.1)
      railties (>= 3.2.6, < 5)
      thread_safe (~> 0.1)
      warden (~> 1.2.3)
    docile (1.1.5)
    dotenv (0.11.1)
      dotenv-deployment (~> 0.0.2)
    dotenv-deployment (0.0.2)
    dotenv-rails (0.11.1)
      dotenv (= 0.11.1)
    erubis (2.7.0)
    excon (0.39.6)
    execjs (2.2.1)
    faraday (0.9.0)
      multipart-post (>= 1.2, < 3)
    foreman (0.75.0)
      dotenv (~> 0.11.1)
      thor (~> 0.19.1)
    get_process_mem (0.2.0)
    git_hub_bub (0.0.6)
      excon
      rrrretry
    globalid (0.3.0)
      activesupport (>= 4.1.0)
    hike (1.2.3)
    httparty (0.13.1)
      json (~> 1.8)
      multi_xml (>= 0.5.2)
    i18n (0.7.0.beta1)
    jquery-rails (3.1.2)
      railties (>= 3.0, < 5.0)
      thor (>= 0.14, < 2.0)
    json (1.8.1)
    jwt (1.0.0)
    kgio (2.9.2)
    kramdown (1.4.2)
    launchy (2.4.2)
      addressable (~> 2.3)
    less (2.5.1)
      commonjs (~> 0.2.7)
    less-rails (2.5.0)
      actionpack (>= 3.1)
      less (~> 2.5.0)
    loofah (2.0.1)
      nokogiri (>= 1.5.9)
    mail (2.6.1)
      mime-types (>= 1.16, < 3)
    mail_view (1.0.3)
      tilt
    maildown (1.0.2)
      kramdown
      rails (>= 4.0.0)
    metaclass (0.0.4)
    mime-types (2.3)
    mini_portile (0.6.0)
    minitest (5.4.2)
    mocha (1.1.0)
      metaclass (~> 0.0.1)
    mono_logger (1.1.0)
    multi_json (1.10.1)
    multi_xml (0.5.5)
    multipart-post (2.0.0)
    nokogiri (1.6.3.1)
      mini_portile (= 0.6.0)
    oauth2 (1.0.0)
      faraday (>= 0.8, < 0.10)
      jwt (~> 1.0)
      multi_json (~> 1.3)
      multi_xml (~> 0.5)
      rack (~> 1.2)
    omniauth-github (1.1.2)
      omniauth (~> 1.0)
      omniauth-oauth2 (~> 1.1)
    omniauth-oauth2 (1.2.0)
      faraday (>= 0.8, < 0.10)
      multi_json (~> 1.3)
      oauth2 (~> 1.0)
      omniauth (~> 1.2)
    orm_adapter (0.5.0)
    pg (0.17.1)
    puma (2.9.1)
      rack (>= 1.1, < 2.0)
    quiet_assets (1.0.3)
      railties (>= 3.1, < 5.0)
    rack (1.6.0.beta)
    rack-protection (1.5.3)
      rack
    rack-test (0.6.2)
      rack (>= 1.0)
    rack-timeout (0.0.4)
    rails (4.2.0.beta2)
      actionmailer (= 4.2.0.beta2)
      actionpack (= 4.2.0.beta2)
      actionview (= 4.2.0.beta2)
      activejob (= 4.2.0.beta2)
      activemodel (= 4.2.0.beta2)
      activerecord (= 4.2.0.beta2)
      activesupport (= 4.2.0.beta2)
      bundler (>= 1.3.0, < 2.0)
      railties (= 4.2.0.beta2)
      sprockets-rails (~> 3.0.0.beta1)
    rails-deprecated_sanitizer (1.0.3)
      activesupport (>= 4.2.0.alpha)
    rails-dom-testing (1.0.3)
      activesupport
      nokogiri (~> 1.6.0)
      rails-deprecated_sanitizer (>= 1.0.1)
    rails-html-sanitizer (1.0.1)
      loofah (~> 2.0)
    rails_12factor (0.0.2)
      rails_serve_static_assets
      rails_stdout_logging
    rails_autolink (1.1.6)
      rails (> 3.1)
    rails_serve_static_assets (0.0.2)
    rails_stdout_logging (0.0.3)
    railties (4.2.0.beta2)
      actionpack (= 4.2.0.beta2)
      activesupport (= 4.2.0.beta2)
      rake (>= 0.8.7)
      thor (>= 0.18.1, < 2.0)
    raindrops (0.13.0)
    rake (10.3.2)
    redis (3.1.0)
    redis-namespace (1.5.1)
      redis (~> 3.0, >= 3.0.4)
    resque (1.25.2)
      mono_logger (~> 1.0)
      multi_json (~> 1.0)
      redis-namespace (~> 1.3)
      sinatra (>= 0.9.2)
      vegas (~> 0.1.2)
    resque_def (0.0.3)
      resque
    rrrretry (1.0.0)
    safe_yaml (1.0.4)
    simplecov (0.9.1)
      docile (~> 1.1.0)
      multi_json (~> 1.0)
      simplecov-html (~> 0.8.0)
    simplecov-html (0.8.0)
    sinatra (1.4.5)
      rack (~> 1.4)
      rack-protection (~> 1.4)
      tilt (~> 1.3, >= 1.3.4)
    skylight (0.3.20)
      activesupport (>= 3.0.0)
    spring (1.1.3)
    sprockets (2.12.2)
      hike (~> 1.2)
      multi_json (~> 1.0)
      rack (~> 1.0)
      tilt (~> 1.1, != 1.3.0)
    sprockets-rails (3.0.0.beta1)
      actionpack (>= 4.0)
      activesupport (>= 4.0)
      sprockets (~> 2.8)
    sprockets_better_errors (0.0.4)
      sprockets-rails (>= 1.0.0)
    teaspoon (0.8.0)
      railties (>= 3.2.5, < 5)
    thor (0.19.1)
    thread_safe (0.3.4)
    tilt (1.4.1)
    tzinfo (1.2.2)
      thread_safe (~> 0.1)
    uglifier (2.5.3)
      execjs (>= 0.3.0)
      json (>= 1.8.0)
    unicorn (4.8.3)
      kgio (~> 2.6)
      rack
      raindrops (~> 0.7)
    vcr (2.9.3)
    vegas (0.1.11)
      rack (>= 1.0.0)
    warden (1.2.3)
      rack (>= 1.0)
    webmock (1.19.0)
      addressable (>= 2.3.6)
      crack (>= 0.3.2)
    wicked (1.1.0)
      rails (>= 3.0.7)
    will_paginate (3.0.7)
    xpath (2.0.0)
      nokogiri (~> 1.3)

PLATFORMS
  ruby

DEPENDENCIES
  bluecloth
  capybara (= 2.3.0)
  coffee-rails (~> 4.0.0)
  dalli
  devise
  dotenv-rails
  foreman
  git_hub_bub
  httparty
  jquery-rails
  launchy
  less-rails
  mail_view (~> 1.0.2)
  maildown
  mocha
  omniauth!
  omniauth-github
  pg
  puma
  puma_auto_tune!
  quiet_assets
  rack-timeout
  rails (= 4.2.0.beta2)
  rails_12factor
  rails_autolink
  resque
  resque_def
  rrrretry
  simplecov
  skylight
  spring
  sprockets-rails (= 3.0.0.beta1)
  sprockets_better_errors
  teaspoon
  uglifier (>= 1.0.3)
  unicorn
  vcr
  webmock
  wicked
  will_paginate
